GEM
  remote: https://rubygems.org/
  specs:
    aws-eventstream (1.3.0)
    aws-sigv4 (1.8.0)
      aws-eventstream (~> 1, >= 1.0.2)
    faraday (2.9.0)
      faraday-net_http (>= 2.0, < 3.2)
    faraday-net_http (3.1.0)
      net-http
    multi_json (1.15.0)
    net-http (0.4.1)
      uri
    opensearch-aws-sigv4 (1.1.0)
      aws-sigv4 (~> 1)
      opensearch-ruby (>= 1.0.1)
    opensearch-ruby (3.3.0)
      faraday (>= 1.0, < 3)
      multi_json (>= 1.0)
    uri (0.13.0)

PLATFORMS
  arm64-darwin-21

DEPENDENCIES
  opensearch-aws-sigv4 (~> 1.1.0)

BUNDLED WITH
   2.3.24
